GIT
  remote: http://github.com/timhugh/twilio_server.git
  revision: ac644a1d2cd398cc36f7fc450bce8c16a628f411
  specs:
    twilio_server (0.1.0)
      twilio-ruby (~> 4)

GEM
  remote: https://rubygems.org/
  specs:
    bson (3.1.2)
    builder (3.2.2)
    byebug (4.0.5)
      columnize (= 0.9.0)
    codeclimate-test-reporter (0.4.7)
      simplecov (>= 0.7.1, < 1.0.0)
    coderay (1.1.0)
    columnize (0.9.0)
    daemons (1.2.3)
    docile (1.1.5)
    dotenv (2.0.2)
    eventmachine (1.0.7)
    foreman (0.78.0)
      thor (~> 0.19.1)
    json (1.8.3)
    jwt (1.5.1)
    method_source (0.8.2)
    minitest (5.7.0)
    mongo (2.0.6)
      bson (~> 3.0)
    multi_json (1.11.2)
    pry (0.10.1)
      coderay (~> 1.1.0)
      method_source (~> 0.8.1)
      slop (~> 3.4)
    pry-byebug (3.1.0)
      byebug (~> 4.0)
      pry (~> 0.10)
    rack (1.6.4)
    rack-protection (1.5.3)
      rack
    rack-test (0.6.3)
      rack (>= 1.0)
    rake (10.4.2)
    simplecov (0.10.0)
      docile (~> 1.1.0)
      json (~> 1.8)
      simplecov-html (~> 0.10.0)
    simplecov-html (0.10.0)
    sinatra (1.4.6)
      rack (~> 1.4)
      rack-protection (~> 1.4)
      tilt (>= 1.3, < 3)
    slop (3.6.0)
    thin (1.6.3)
      daemons (~> 1.0, >= 1.0.9)
      eventmachine (~> 1.0)
      rack (~> 1.0)
    thor (0.19.1)
    tilt (2.0.1)
    twilio-ruby (4.2.1)
      builder (>= 2.1.2)
      jwt (~> 1.0)
      multi_json (>= 1.3.0)

PLATFORMS
  ruby

DEPENDENCIES
  codeclimate-test-reporter
  dotenv
  foreman
  minitest
  mongo
  pry-byebug
  rack
  rack-test
  rake
  sinatra
  thin
  twilio-ruby
  twilio_server!

BUNDLED WITH
   1.10.5
